GEM
  remote: https://rubygems.org/
  specs:
    json (1.7.7)

PLATFORMS
  ruby

DEPENDENCIES
  json
